GEM
  remote: http://rubygems.org/
  specs:
    em-spec (0.2.1)
    eventmachine (0.12.10)
    librevox (0.2.1)
    rake (0.8.7)
    rspec (1.3.0)

PLATFORMS
  ruby

DEPENDENCIES
  em-spec
  eventmachine
  librevox
  rake
  rspec
