GIT
  remote: http://github.com/ichverstehe/librevox.git
  revision: 3867b0f09fc96b70736bad0772ae34f8a348b28a
  specs:
    librevox (0.3)
      eventmachine (~> 0.12.10)

GEM
  remote: http://rubygems.org/
  specs:
    amqp (0.6.7)
      eventmachine (>= 0.12.4)
    diff-lcs (1.1.2)
    em-spec (0.2.1)
    eventmachine (0.12.10)
    rake (0.8.7)
    rspec (2.0.0)
      rspec-core (= 2.0.0)
      rspec-expectations (= 2.0.0)
      rspec-mocks (= 2.0.0)
    rspec-core (2.0.0)
    rspec-expectations (2.0.0)
      diff-lcs (>= 1.1.2)
    rspec-mocks (2.0.0)
      rspec-core (= 2.0.0)
      rspec-expectations (= 2.0.0)

PLATFORMS
  ruby

DEPENDENCIES
  amqp
  em-spec
  eventmachine
  librevox!
  rake
  rspec
